GEM
  remote: https://rubygems.org/
  specs:
    gosu (0.14.5)

PLATFORMS
  ruby

DEPENDENCIES
  gosu (~> 0.14.5)

BUNDLED WITH
   2.0.2
